GEM
  remote: http://rubygems.org/
  specs:
    addressable (2.2.6)
    cool.io (1.1.0)
      iobuffer (>= 1.0.0)
    fluent-plugin-td (0.10.2)
      fluentd (~> 0.10.6)
      td-client (~> 0.8.4)
    fluentd (0.10.9)
      cool.io (~> 1.1.0)
      http_parser.rb (~> 0.5.1)
      json (>= 1.4.3)
      msgpack (~> 0.4.4)
      yajl-ruby (~> 1.0.0)
    heroku (2.18.1)
      launchy (>= 0.3.2)
      rest-client (~> 1.6.1)
      rubyzip
      term-ansicolor (~> 1.0.5)
    http_parser.rb (0.5.3)
    iobuffer (1.0.0)
    json (1.6.5)
    launchy (2.0.5)
      addressable (~> 2.2.6)
    mime-types (1.17.2)
    msgpack (0.4.6)
    rest-client (1.6.7)
      mime-types (>= 1.16)
    rubyzip (0.9.5)
    td-client (0.8.6)
      json (>= 1.4.3)
      msgpack (~> 0.4.4)
    term-ansicolor (1.0.7)
    yajl-ruby (1.0.0)

PLATFORMS
  ruby

DEPENDENCIES
  fluent-plugin-td (~> 0.10.2)
  fluentd (~> 0.10.9)
  heroku
